PATH
  remote: .
  specs:
    pupmin (1.0.1)
      puppetdb-ruby (~> 1.2)

GEM
  remote: https://rubygems.org/
  specs:
    httparty (0.17.1)
      mime-types (~> 3.0)
      multi_xml (>= 0.5.2)
    mime-types (3.3)
      mime-types-data (~> 3.2015)
    mime-types-data (3.2019.1009)
    multi_xml (0.6.0)
    puppetdb-ruby (1.2.0)
      httparty
    rake (13.0.1)

PLATFORMS
  ruby

DEPENDENCIES
  bundler (~> 2.0)
  pupmin!
  puppetdb-ruby
  rake (~> 13.0)

BUNDLED WITH
   2.0.2
