PATH
  remote: .
  specs:
    pupmin (1.0.1)
      puppetdb-ruby (~> 1.2)

GEM
  remote: https://rubygems.org/
  specs:
    httparty (0.21.0)
      mini_mime (>= 1.0.0)
      multi_xml (>= 0.5.2)
    mini_mime (1.1.2)
    multi_xml (0.6.0)
    puppetdb-ruby (1.2.0)
      httparty
    rake (10.5.0)

PLATFORMS
  ruby

DEPENDENCIES
  bundler (~> 2.0)
  pupmin!
  puppetdb-ruby
  rake (~> 10.0)

BUNDLED WITH
   2.0.2
