PATH
  remote: .
  specs:
    pupit (0.1.0)
      puppetdb-ruby

GEM
  remote: https://rubygems.org/
  specs:
    httparty (0.16.4)
      mime-types (~> 3.0)
      multi_xml (>= 0.5.2)
    mime-types (3.2.2)
      mime-types-data (~> 3.2015)
    mime-types-data (3.2018.0812)
    multi_xml (0.6.0)
    puppetdb-ruby (1.1.1)
      httparty
    rake (10.5.0)

PLATFORMS
  ruby

DEPENDENCIES
  bundler (~> 2.0)
  pupit!
  puppetdb-ruby
  rake (~> 10.0)

BUNDLED WITH
   2.0.1
